GEM
  remote: https://rubygems.org/
  specs:
    addressable (2.3.6)
    css_parser (1.3.5)
      addressable
    htmlentities (4.3.2)
    mini_portile (0.6.0)
    nokogiri (1.6.2.1)
      mini_portile (= 0.6.0)
    premailer (1.8.2)
      css_parser (>= 1.3.5)
      htmlentities (>= 4.0.0)

PLATFORMS
  ruby

DEPENDENCIES
  nokogiri
  premailer
